GEM
  remote: https://rubygems.org/
  specs:
    minitest (5.10.1)
    mocha (1.11.2)

PLATFORMS
  ruby

DEPENDENCIES
  minitest
  mocha

BUNDLED WITH
   2.1.4
